GEM
  remote: https://rubygems.org/
  specs:
    bigdecimal (3.1.9)
    debug (1.10.0)
      irb (~> 1.10)
      reline (>= 0.3.8)
    ffi (1.17.2)
    get_process_mem (1.0.0)
      bigdecimal (>= 2.0)
      ffi (~> 1.0)
    io-console (0.8.0)
    irb (1.15.2)
      pp (>= 0.6.0)
      rdoc (>= 4.0.0)
      reline (>= 0.4.2)
    pp (0.6.2)
      prettyprint
    prettyprint (0.2.0)
    rdoc (6.13.1)
    reline (0.6.1)
      io-console (~> 0.5)

PLATFORMS
  arm64-darwin-22
  arm64-darwin-23
  arm64-darwin-24
  x86_64-darwin-20

DEPENDENCIES
  bigdecimal
  debug
  get_process_mem

BUNDLED WITH
   2.6.8
